PATH
  remote: .
  specs:
    casa-admin-outlet (0.1.1)
      sinatra

GEM
  remote: https://rubygems.org/
  specs:
    chunky_png (1.3.0)
    compass (0.12.5)
      chunky_png (~> 1.2)
      fssm (>= 0.2.7)
      sass (~> 3.2.19)
    execjs (2.0.2)
    extend_method (1.0.0)
    fork (1.0.1)
    fssm (0.2.10)
    rack (1.5.2)
    rack-protection (1.5.3)
      rack
    rake (10.2.2)
    ruby-bower (0.0.1)
      execjs
    sass (3.2.19)
    sass-css-importer (1.0.0.beta.0)
      sass (>= 3.1)
    sinatra (1.4.5)
      rack (~> 1.4)
      rack-protection (~> 1.4)
      tilt (~> 1.3, >= 1.3.4)
    thor (0.19.1)
    tilt (1.4.1)
    web_blocks (2.0.2.dev)
      compass
      execjs
      extend_method
      fork
      fssm
      ruby-bower
      sass-css-importer
      thor
      yui-compressor
    yui-compressor (0.12.0)

PLATFORMS
  ruby

DEPENDENCIES
  casa-admin-outlet!
  rake
  web_blocks
